GEM
  remote: https://rubygems.org/
  specs:
    ascii-image (0.1.5)
      rainbow (~> 3.0, >= 3.0.0)
      rmagick (~> 2.16, >= 2.16.0)
    diff-lcs (1.4.4)
    httparty (0.18.1)
      mime-types (~> 3.0)
      multi_xml (>= 0.5.2)
    json (2.5.1)
    mime-types (3.3.1)
      mime-types-data (~> 3.2015)
    mime-types-data (3.2021.0704)
    mini_magick (4.11.0)
    multi_xml (0.6.0)
    rainbow (3.0.0)
    rake (12.3.3)
    rmagick (2.16.0)
    rspec (3.10.0)
      rspec-core (~> 3.10.0)
      rspec-expectations (~> 3.10.0)
      rspec-mocks (~> 3.10.0)
    rspec-core (3.10.1)
      rspec-support (~> 3.10.0)
    rspec-expectations (3.10.1)
      diff-lcs (>= 1.2.0, < 2.0)
      rspec-support (~> 3.10.0)
    rspec-mocks (3.10.2)
      diff-lcs (>= 1.2.0, < 2.0)
      rspec-support (~> 3.10.0)
    rspec-support (3.10.2)

PLATFORMS
  ruby

DEPENDENCIES
  ascii-image
  httparty
  json
  mini_magick
  rake (~> 12.0)
  rspec (~> 3.0)

BUNDLED WITH
   2.2.24
